RESTRICTION: == net462
NUGET
  remote: https://www.nuget.org/api/v2
    Argu (3.7)
    Destructurama.FSharp (1.0.14)
      Serilog (>= 1.4.204)
    FAKE (4.61.3)
    FSharp.Control.AsyncSeq (2.0.12)
    FSharp.Core (4.2.1)
    ini-parser (2.4)
    Microsoft.IdentityModel.Logging (1.1.4)
    Microsoft.IdentityModel.Tokens (5.1.4)
      Microsoft.IdentityModel.Logging (>= 1.1.4)
      Newtonsoft.Json (>= 9.0.1)
    Newtonsoft.Json (10.0.3)
    NodaTime (2.0.3)
    Serilog (2.4)
    Serilog.Extras.FSharp (2.0)
      Destructurama.FSharp (>= 1.0)
    Serilog.Sinks.Async (1.0.1)
      Serilog (>= 2.1)
    Serilog.Sinks.ColoredConsole (2.0)
      Serilog (>= 2.0)
    Serilog.Sinks.File (3.2)
      Serilog (>= 2.3)
    SqlStreamStore (0.9)
    SqlStreamStore.MsSql (0.9)
      SqlStreamStore
    Suave (2.1.1)
      FSharp.Core (>= 4.0.0.1)
    System.IdentityModel.Tokens.Jwt (5.1.4)
      Microsoft.IdentityModel.Tokens (>= 5.1.4)
