FRAMEWORK: NET462
NUGET
  remote: https://www.nuget.org/api/v2
    Argu (3.7)
    Destructurama.FSharp (1.0.14)
      Serilog (>= 1.4.204)
    FAKE (4.57)
    FSharp.Control.AsyncSeq (2.0.11)
    FSharp.Core (4.1.0.2)
      System.ValueTuple (>= 4.3)
    Giraffe (0.1.0-alpha006)
    Microsoft.IdentityModel.Logging (1.1.3)
    Microsoft.IdentityModel.Tokens (5.1.3)
      Microsoft.IdentityModel.Logging (>= 1.1.3)
      Newtonsoft.Json (>= 9.0.1)
    Newtonsoft.Json (10.0.1)
    Newtonsoft.Json.Schema (2.0.9)
      Newtonsoft.Json (>= 9.0.1)
    NodaTime (1.3.4)
    Serilog (2.4)
    Serilog.Extras.FSharp (2.0)
      Destructurama.FSharp (>= 1.0)
    Serilog.Sinks.Async (1.0.1)
      Serilog (>= 2.1)
    Serilog.Sinks.ColoredConsole (2.0)
      Serilog (>= 2.0)
    Serilog.Sinks.File (3.2)
      Serilog (>= 2.3)
    SqlStreamStore (0.7.1)
    SqlStreamStore.MsSql (0.7.1)
      SqlStreamStore (>= 0.7 < 0.8)
    Suave (2.0.5)
      FSharp.Core (>= 4.0.0.1)
    System.IdentityModel.Tokens.Jwt (5.1.3)
      Microsoft.IdentityModel.Tokens (>= 5.1.3)
    System.ValueTuple (4.3)
